PATH
  remote: .
  specs:
    benchmark_driver (0.1.0)

GEM
  remote: https://rubygems.org/
  specs:
    coderay (1.1.2)
    method_source (0.9.0)
    pry (0.11.1)
      coderay (~> 1.1.0)
      method_source (~> 0.9.0)
    rake (12.3.0)

PLATFORMS
  ruby

DEPENDENCIES
  benchmark_driver!
  bundler
  pry
  rake

BUNDLED WITH
   1.16.0
